GEM
  specs:
    slack-notifier (1.0.0)

PLATFORMS
  ruby

DEPENDENCIES
  slack-notifier
